GEM
  remote: https://rubygems.org/
  specs:
    activesupport (3.2.17)
      i18n (~> 0.6, >= 0.6.4)
      multi_json (~> 1.0)
    afmotion (2.1.2)
      motion-cocoapods (~> 1.4.0)
      motion-require (>= 0.1)
    awesome_print_motion (0.1.0)
    bubble-wrap (1.7.1)
      bubble-wrap-http (= 1.7.1)
    bubble-wrap-http (1.7.1)
    builder (3.2.2)
    cdq (0.1.11)
      motion-yaml
      ruby-xcdm (~> 0.0, >= 0.0.8)
    claide (0.5.0)
    cocoapods (0.32.1)
      activesupport (>= 3.2.15, < 4)
      claide (~> 0.5.0)
      cocoapods-core (= 0.32.1)
      cocoapods-downloader (~> 0.5.0)
      cocoapods-try (~> 0.2.0)
      colored (~> 1.2)
      escape (~> 0.0.4)
      json_pure (~> 1.8)
      nap (~> 0.7)
      open4 (~> 1.3)
      xcodeproj (~> 0.16.1)
    cocoapods-core (0.32.1)
      activesupport (>= 3.2.15, < 4)
      fuzzy_match (~> 2.0.4)
      json_pure (~> 1.8)
      nap (~> 0.5)
    cocoapods-downloader (0.5.0)
    cocoapods-try (0.2.0)
    colored (1.2)
    dish (0.0.3)
    escape (0.0.4)
    fuzzy_match (2.0.4)
    i18n (0.6.9)
    json_pure (1.8.1)
    motion-addressbook (1.7.2)
      bubble-wrap (~> 1.3)
    motion-cocoapods (1.4.1)
      cocoapods (>= 0.32.1)
    motion-env (0.0.3)
    motion-require (0.2.0)
    motion-wiretap (1.1.8)
    motion-yaml (1.4)
    motion_print (0.0.1)
    multi_json (1.9.2)
    nap (0.7.0)
    open4 (1.3.3)
    plist (3.1.0)
    rake (10.3.0)
    ruby-xcdm (0.0.8)
      activesupport (~> 3.2)
      builder (~> 3.2)
      plist (~> 3.1)
    ruby_motion_query (0.8.0)
    xcodeproj (0.16.1)
      activesupport (~> 3.0)
      colored (~> 1.2)

PLATFORMS
  ruby

DEPENDENCIES
  afmotion (= 2.1.2)
  awesome_print_motion (= 0.1.0)
  bubble-wrap (= 1.7.1)
  cdq (= 0.1.11)
  dish (= 0.0.3)
  motion-addressbook (= 1.7.2)
  motion-cocoapods (= 1.4.1)
  motion-env (= 0.0.3)
  motion-wiretap (= 1.1.8)
  motion_print (= 0.0.1)
  rake (= 10.3.0)
  ruby_motion_query (= 0.8.0)
